PATH
  remote: bosh-stemcell
  specs:
    bosh-stemcell (0.0.0)

GEM
  remote: https://rubygems.org/
  specs:
    bosh-core (1.3262.24.0)
      gibberish (~> 1.4.0)
      yajl-ruby (~> 1.2.0)
    diff-lcs (1.2.5)
    fakefs (0.6.7)
    gibberish (1.4.0)
    little-plugger (1.1.4)
    logging (1.8.2)
      little-plugger (>= 1.1.3)
      multi_json (>= 1.8.4)
    multi_json (1.12.1)
    rake (10.4.2)
    rspec (3.4.0)
      rspec-core (~> 3.4.0)
      rspec-expectations (~> 3.4.0)
      rspec-mocks (~> 3.4.0)
    rspec-core (3.4.4)
      rspec-support (~> 3.4.0)
    rspec-expectations (3.4.0)
      diff-lcs (>= 1.2.0, < 2.0)
      rspec-support (~> 3.4.0)
    rspec-instafail (0.4.0)
      rspec
    rspec-its (1.2.0)
      rspec-core (>= 3.0.0)
      rspec-expectations (>= 3.0.0)
    rspec-mocks (3.4.1)
      diff-lcs (>= 1.2.0, < 2.0)
      rspec-support (~> 3.4.0)
    rspec-support (3.4.1)
    timecop (0.7.3)
    yajl-ruby (1.2.3)

PLATFORMS
  ruby

DEPENDENCIES
  bosh-core
  bosh-stemcell!
  fakefs
  logging
  rake (~> 10.0)
  rspec
  rspec-instafail
  rspec-its
  timecop

BUNDLED WITH
   1.16.1
